GEM
  remote: https://rubygems.org/
  specs:
    excon (1.2.1)

PLATFORMS
  ruby

DEPENDENCIES
  excon (= 1.2.1)
