GEM
  remote: https://rubygems.org/
  specs:
    excon (1.2.2)

PLATFORMS
  ruby

DEPENDENCIES
  excon (= 1.2.2)
